GIT
  remote: https://github.com/alexch/rerun.git
  revision: 36f2d237985b670752abbe4a7f6814893cdde96f
  specs:
    rerun (0.14.0)
      listen (~> 3.0)

GEM
  remote: https://rubygems.org/
  specs:
    activemodel (8.0.2)
      activesupport (= 8.0.2)
    activerecord (8.0.2)
      activemodel (= 8.0.2)
      activesupport (= 8.0.2)
      timeout (>= 0.4.0)
    activesupport (8.0.2)
      base64
      benchmark (>= 0.3)
      bigdecimal
      concurrent-ruby (~> 1.0, >= 1.3.1)
      connection_pool (>= 2.2.5)
      drb
      i18n (>= 1.6, < 2)
      logger (>= 1.4.2)
      minitest (>= 5.1)
      securerandom (>= 0.3)
      tzinfo (~> 2.0, >= 2.0.5)
      uri (>= 0.13.1)
    base64 (0.2.0)
    benchmark (0.4.0)
    bigdecimal (3.1.9)
    concurrent-ruby (1.3.5)
    connection_pool (2.5.0)
    drb (2.2.1)
    ffi (1.17.1)
    ffi (1.17.1-x86_64-linux-gnu)
    i18n (1.14.7)
      concurrent-ruby (~> 1.0)
    listen (3.9.0)
      rb-fsevent (~> 0.10, >= 0.10.3)
      rb-inotify (~> 0.9, >= 0.9.10)
    logger (1.6.6)
    mini_portile2 (2.8.8)
    minitest (5.25.5)
    mustermann (3.0.3)
      ruby2_keywords (~> 0.0.1)
    nio4r (2.7.4)
    parslet (2.0.0)
    puma (6.6.0)
      nio4r (~> 2.0)
    rack (3.1.12)
    rack-mini-profiler (3.3.1)
      rack (>= 1.2.0)
    rack-protection (4.1.1)
      base64 (>= 0.1.0)
      logger (>= 1.6.0)
      rack (>= 3.0.0, < 4)
    rack-session (2.1.0)
      base64 (>= 0.1.0)
      rack (>= 3.0.0)
    rackup (2.2.1)
      rack (>= 3)
    rb-fsevent (0.11.2)
    rb-inotify (0.11.1)
      ffi (~> 1.0)
    ruby2_keywords (0.0.5)
    securerandom (0.4.1)
    sinatra (4.1.1)
      logger (>= 1.6.0)
      mustermann (~> 3.0)
      rack (>= 3.0.0, < 4)
      rack-protection (= 4.1.1)
      rack-session (>= 2.0.0, < 3)
      tilt (~> 2.0)
    slim (5.2.1)
      temple (~> 0.10.0)
      tilt (>= 2.1.0)
    sqlite3 (2.6.0)
      mini_portile2 (~> 2.8.0)
    sqlite3 (2.6.0-x86_64-linux-gnu)
    stackprof (0.2.27)
    temple (0.10.3)
    tilt (2.6.0)
    timeout (0.4.3)
    toml (0.3.0)
      parslet (>= 1.8.0, < 3.0.0)
    tzinfo (2.0.6)
      concurrent-ruby (~> 1.0)
    uri (1.0.3)

PLATFORMS
  ruby
  x86_64-linux-gnu

DEPENDENCIES
  activerecord (~> 8.0)
  puma (~> 6.6)
  rack-mini-profiler (~> 3.3)
  rackup (~> 2.2)
  rerun!
  sinatra (~> 4.1)
  slim (~> 5.2)
  sqlite3 (~> 2.6)
  stackprof (~> 0.2.27)
  toml (~> 0.3.0)

BUNDLED WITH
   2.6.2
